PATH
  remote: .
  specs:
    arquivo (0.1.6)
      fastimage (~> 2.1)
      google-api-client (~> 0.34)
      pdf-reader (~> 2.3)
      thor (~> 0.1)

GEM
  remote: https://rubygems.org/
  specs:
    Ascii85 (1.0.3)
    addressable (2.7.0)
      public_suffix (>= 2.0.2, < 5.0)
    afm (0.2.2)
    declarative (0.0.10)
    declarative-option (0.1.0)
    faraday (0.17.1)
      multipart-post (>= 1.2, < 3)
    fastimage (2.1.7)
    google-api-client (0.36.0)
      addressable (~> 2.5, >= 2.5.1)
      googleauth (~> 0.9)
      httpclient (>= 2.8.1, < 3.0)
      mini_mime (~> 1.0)
      representable (~> 3.0)
      retriable (>= 2.0, < 4.0)
      signet (~> 0.12)
    googleauth (0.10.0)
      faraday (~> 0.12)
      jwt (>= 1.4, < 3.0)
      memoist (~> 0.16)
      multi_json (~> 1.11)
      os (>= 0.9, < 2.0)
      signet (~> 0.12)
    hashery (2.1.2)
    httpclient (2.8.3)
    jwt (2.2.1)
    memoist (0.16.2)
    mini_mime (1.0.2)
    multi_json (1.14.1)
    multipart-post (2.1.1)
    os (1.0.1)
    pdf-reader (2.4.0)
      Ascii85 (~> 1.0.0)
      afm (~> 0.2.1)
      hashery (~> 2.0)
      ruby-rc4
      ttfunk
    public_suffix (4.0.1)
    rake (10.5.0)
    representable (3.0.4)
      declarative (< 0.1.0)
      declarative-option (< 0.2.0)
      uber (< 0.2.0)
    retriable (3.1.2)
    ruby-rc4 (0.1.5)
    signet (0.12.0)
      addressable (~> 2.3)
      faraday (~> 0.9)
      jwt (>= 1.5, < 3.0)
      multi_json (~> 1.10)
    thor (0.20.3)
    ttfunk (1.5.1)
    uber (0.1.0)

PLATFORMS
  ruby

DEPENDENCIES
  arquivo!
  bundler (~> 1.17)
  rake (~> 10.0)

BUNDLED WITH
   1.17.2
